GEM
  remote: https://rubygems.org/
  specs:
    buftok (0.2.0)
    em-twitter (0.3.5)
      buftok (~> 0.2)
      eventmachine (~> 1.0)
      http_parser.rb (~> 0.6)
      simple_oauth (~> 0.2)
    eventmachine (1.2.0.1)
    http_parser.rb (0.6.0)
    httparty (0.13.7)
      json (~> 1.8)
      multi_xml (>= 0.5.2)
    json (1.8.3)
    multi_xml (0.5.5)
    simple_oauth (0.3.1)

PLATFORMS
  ruby

DEPENDENCIES
  em-twitter
  httparty

BUNDLED WITH
   1.12.3
